GEM
  remote: https://rubygems.org/
  specs:
    activemodel (5.2.2)
      activesupport (= 5.2.2)
    activesupport (5.2.2)
      concurrent-ruby (~> 1.0, >= 1.0.2)
      i18n (>= 0.7, < 2)
      minitest (~> 5.1)
      tzinfo (~> 1.1)
    addressable (2.5.2)
      public_suffix (>= 2.0.2, < 4.0)
    concurrent-ruby (1.1.4)
    faraday (0.15.4)
      multipart-post (>= 1.2, < 3)
    google-cloud-core (1.2.7)
      google-cloud-env (~> 1.0)
    google-cloud-datastore (1.4.4)
      google-cloud-core (~> 1.2)
      google-gax (~> 1.0)
      google-protobuf (~> 3.3)
    google-cloud-env (1.0.5)
      faraday (~> 0.11)
    google-gax (1.4.0)
      google-protobuf (~> 3.2)
      googleapis-common-protos (>= 1.3.5, < 2.0)
      googleauth (~> 0.6.2)
      grpc (>= 1.7.2, < 2.0)
      rly (~> 0.2.3)
    google-protobuf (3.6.1)
    googleapis-common-protos (1.3.7)
      google-protobuf (~> 3.0)
      googleapis-common-protos-types (~> 1.0)
      grpc (~> 1.0)
    googleapis-common-protos-types (1.0.2)
      google-protobuf (~> 3.0)
    googleauth (0.6.7)
      faraday (~> 0.12)
      jwt (>= 1.4, < 3.0)
      memoist (~> 0.16)
      multi_json (~> 1.11)
      os (>= 0.9, < 2.0)
      signet (~> 0.7)
    grpc (1.17.1)
      google-protobuf (~> 3.1)
      googleapis-common-protos-types (~> 1.0.0)
    i18n (1.4.0)
      concurrent-ruby (~> 1.0)
    jwt (2.1.0)
    memoist (0.16.0)
    minitest (5.11.3)
    multi_json (1.13.1)
    multipart-post (2.0.0)
    mustermann (1.0.3)
    octokit (4.13.0)
      sawyer (~> 0.8.0, >= 0.5.3)
    os (1.0.0)
    public_suffix (3.0.3)
    rack (2.0.6)
    rack-protection (2.0.5)
      rack
    rly (0.2.3)
    sawyer (0.8.1)
      addressable (>= 2.3.5, < 2.6)
      faraday (~> 0.8, < 1.0)
    signet (0.11.0)
      addressable (~> 2.3)
      faraday (~> 0.9)
      jwt (>= 1.5, < 3.0)
      multi_json (~> 1.10)
    sinatra (2.0.5)
      mustermann (~> 1.0)
      rack (~> 2.0)
      rack-protection (= 2.0.5)
      tilt (~> 2.0)
    thread_safe (0.3.6)
    tilt (2.0.9)
    tzinfo (1.2.5)
      thread_safe (~> 0.1)

PLATFORMS
  ruby

DEPENDENCIES
  activemodel
  activesupport
  google-cloud-datastore
  jwt
  octokit
  sinatra

BUNDLED WITH
   1.17.3
